##TITLE= Parameter file, TopSpin 3.5 pl 6
##JCAMPDX= 5.0
##DATATYPE= Parameter Values
##NPOINTS= 64013	$$ modification sequence number
##ORIGIN= Bruker BioSpin GmbH
##OWNER= nmrsu
$$ 2020-07-21 15:54:46.640 +0100  kellyg2@cl-nmr-spec801
$$ /opt/topspin/conf/instr/spect/specpar
$$ process /opt/topspin3.5pl6/prog/mod/hconfserver
##$ANCIEN= (0..7)
0 0 0 0 0 0 0 0
##$BF1= 100.13
##$BF2= 100.13
##$BF3= 100.13
##$DEC= 1
##$DECB= 1
##$DEF19F= yes
##$DEFRSEL= yes
##$HPMOD= (0..7)
0 0 0 0 0 0 0 0
##$HPPRECH= (0..15)
-1 -1 -1 -1 -1 -1 -1 -1 -1 -1 -1 -1 -1 -1 -1 -1
##$HPSELECT= no
##$LOCSW19F= -1
##$LOCSW2H= -1
##$NUC1= 1
##$NUC2= 0
##$NUC3= 0
##$NUC4= 0
##$NUC5= 0
##$NUC6= 0
##$NUC7= 0
##$NUC8= 0
##$NUCARR= (0..123)
800.2 800.2 122.835572208 853.525119834 609.587854732 117.758120088 310.988104064
112.442607643 85.970751244 256.735959834 201.210450474 57.805527949 81.083562215
108.478768606 752.940275786 63.170156415 211.66810353 48.985322875 208.506986083
158.977230657 323.926897036 61.4233522 78.402867718 65.262111557 37.340316715
20.495562304 53.853691962 194.382559729 45.111547206 45.123574252 79.782412598
210.476190167 45.231272755 198.363322016 25.908699888 189.864045804 71.506280134
212.176814885 227.286351199 50.066937156 192.05883424 244.034625285 27.913496191
137.015157602 152.610247033 41.752210962 200.481947826 216.106157526 30.78849512
77.258853574 261.82907241 34.679244032 39.211384742 74.388976812 195.858311979
52.148441996 53.242867197 180.111624176 36.850418304 41.30127522 25.497948619
36.61795207 32.390647835 37.237571407 169.766270876 177.589785873 174.969771518
175.344857582 261.815429626 285.129336063 298.399637179 191.49247725 103.699654018
209.410275336 252.4612513 160.099903268 222.537108758 65.967855903 104.955368016
79.495525206 88.925650193 105.58078841 113.033379667 245.02124 43.6109
26.88672 33.36834 27.52688 198.92972 87.86196 24.56614 32.24806 192.36808
27.52688 38.56964 170.76268 23.04576 66.33658 140.029446902 38.5776417
91.2548078 65.0642617 32.0640139 20.1410339 95.94077952 33.339428697 180.24184902
182.05830292 18.26321297 62.13873098 13.7474356 14.9717417 172.017265181
13.8354583 143.322397932 52.905886942 457.09984684 461.58607201 167.406633221
128.586442925 14.73488318 100 100 100
##$NUCOFFS= (0..127)
<2H> <1H> <13C> <15N> <19F> <> <> <> <> <> <> <> <> <> <> <> <> <> <> <>
<> <> <> <> <> <> <> <> <> <> <> <> <> <> <> <> <> <> <> <> <> <> <> <>
<> <> <> <> <> <> <> <> <> <> <> <> <> <> <> <> <> <> <> <> <> <> <> <>
<> <> <> <> <> <> <> <> <> <> <> <> <> <> <> <> <> <> <> <> <> <> <> <>
<> <> <> <> <> <> <> <> <> <> <> <> <> <> <> <> <> <> <> <> <> <> <> <>
<> <> <> <> <> <> <> <> <> <> <> <>
##$OBS= 1
##$OFFS= (0..127)
0 0 0 0 45183.76 0 0 0 0 0 0 0 0 0 0 0 0 0 0 0 0 0 0 0 0 0 0 0 0 0 0 0
0 0 0 0 0 0 0 0 0 0 0 0 0 0 0 0 0 0 0 0 0 0 0 0 0 0 0 0 0 0 0 0 0 0 0 0
0 0 0 0 0 0 0 0 0 0 0 0 0 0 0 0 0 0 0 0 0 0 0 0 0 0 0 0 0 0 0 0 0 0 0 0
0 0 0 0 0 0 0 0 0 0 0 0 0 0 0 0 0 0 0 0 0 0 0 0
##$OFFSF= (0..7)
0 0 0 0 0 0 0 0
##$OFFSH= (0..7)
3761.59999996162 3755.00000006923 0 0 0 0 0 0
##$OFFSX= (0..7)
9961.09999999817 9325.7000000051 577.300000003333 0 0 0 0 0
##$OFFSXAS= (0..7)
0 0 0 0 0 0 0 0
##$OFSF1= 0
##$OFSF2= 0
##$OFSH1= 0
##$OFSH2= 0
##$OFSH3= 0
##$OFSX1= 0
##$OFSX2= 0
##$OFSY= 0
##$PACOIL= (0..15)
0 0 0 0 0 0 0 0 0 0 0 0 0 0 0 0
##$PRECHAN= (0..15)
-1 4 0 1 5 -1 -1 -1 -1 -1 -1 -1 -1 -1 -1 -1
##$RECPRE= (0..15)
-1 0 -1 -1 -1 -1 -1 -1 -1 -1 -1 -1 -1 -1 -1 -1
##$RECPRFX= (0..15)
1 0 0 0 0 0 0 0 0 0 0 0 0 0 0 0
##$RECSEL= (0..15)
0 0 0 0 1 0 0 0 0 0 0 0 0 0 0 0
##$SELREC= (0..9)
0 0 0 0 0 0 0 0 0 0
##$SFO1= 800.203762
##$SFO2= 800.203762
##$SFO3= 800.203762
##$SFO4= 800.203762
##$SFO5= 800.203762
##$SFO6= 800.203762
##$SFO7= 800.203762
##$SFO8= 800.203762
##$TY= (0..123)
0 0 0 0 0 0 0 0 0 0 0 0 0 0 0 0 0 0 0 0 0 0 0 0 0 0 0 0 0 0 0 0 0 0 0 0
0 0 0 0 0 0 0 0 0 0 0 0 0 0 0 0 0 0 0 0 0 0 0 0 0 0 0 0 0 0 0 0 0 0 0 0
0 0 0 0 0 0 0 0 0 0 0 0 0 0 0 0 0 0 0 0 0 0 0 0 0 0 0 0 0 0 0 0 0 0 0 0
0 0 0 0 0 0 0 0 0 0 0 0 0 0 0 0
##END=
